GEM
  remote: https://rubygems.org/
  specs:
    activesupport (6.1.3.1)
      concurrent-ruby (~> 1.0, >= 1.0.2)
      i18n (>= 1.6, < 2)
      minitest (>= 5.1)
      tzinfo (~> 2.0)
      zeitwerk (~> 2.3)
    coderay (1.1.3)
    concurrent-ruby (1.1.8)
    dry-inflector (0.2.0)
    ffi (1.15.0-java)
    fxruby (1.6.44)
      mini_portile2 (~> 2.1)
    i18n (1.8.9)
      concurrent-ruby (~> 1.0)
    method_source (1.0.0)
    mini_portile2 (2.5.0)
    minitest (5.14.4)
    pastel (0.8.0)
      tty-color (~> 0.5)
    pry (0.14.0)
      coderay (~> 1.1)
      method_source (~> 1.0)
    pry (0.14.0-java)
      coderay (~> 1.1)
      method_source (~> 1.0)
      spoon (~> 0.0)
    spoon (0.0.6)
      ffi
    tty-color (0.6.0)
    tty-cursor (0.7.1)
    tty-prompt (0.23.0)
      pastel (~> 0.8)
      tty-reader (~> 0.8)
    tty-reader (0.9.0)
      tty-cursor (~> 0.7)
      tty-screen (~> 0.8)
      wisper (~> 2.0)
    tty-screen (0.8.1)
    tzinfo (2.0.4)
      concurrent-ruby (~> 1.0)
    verbs (3.0.0)
      activesupport (>= 2.3.4)
      i18n
    wisper (2.0.1)
    zeitwerk (2.4.2)

PLATFORMS
  java
  ruby

DEPENDENCIES
  dry-inflector
  fxruby
  pry
  tty-prompt
  verbs

RUBY VERSION
   ruby 2.7.2p137

BUNDLED WITH
   2.1.4
