GEM
  remote: https://rubygems.org/
  specs:
    coderay (1.1.2)
    equatable (0.6.1)
    ffi (1.11.2-java)
    method_source (0.9.2)
    necromancer (0.5.0)
    pastel (0.7.3)
      equatable (~> 0.6)
      tty-color (~> 0.5)
    pry (0.12.2)
      coderay (~> 1.1.0)
      method_source (~> 0.9.0)
    pry (0.12.2-java)
      coderay (~> 1.1.0)
      method_source (~> 0.9.0)
      spoon (~> 0.0)
    spoon (0.0.6)
      ffi
    thor (0.20.3)
    tty-color (0.5.0)
    tty-cursor (0.7.0)
    tty-prompt (0.19.0)
      necromancer (~> 0.5.0)
      pastel (~> 0.7.0)
      tty-reader (~> 0.6.0)
    tty-reader (0.6.0)
      tty-cursor (~> 0.7)
      tty-screen (~> 0.7)
      wisper (~> 2.0.0)
    tty-screen (0.7.0)
    wisper (2.0.1)

PLATFORMS
  java
  ruby

DEPENDENCIES
  pry
  thor
  tty-prompt

RUBY VERSION
   ruby 2.5.5p157

BUNDLED WITH
   2.0.2
