GEM
  remote: https://rubygems.org/
  specs:
    coderay (1.1.2)
    ffi (1.11.2-java)
    method_source (0.9.2)
    pry (0.12.2)
      coderay (~> 1.1.0)
      method_source (~> 0.9.0)
    pry (0.12.2-java)
      coderay (~> 1.1.0)
      method_source (~> 0.9.0)
      spoon (~> 0.0)
    spoon (0.0.6)
      ffi
    thor (0.20.3)

PLATFORMS
  java
  ruby

DEPENDENCIES
  pry
  thor

RUBY VERSION
   ruby 2.5.5p157

BUNDLED WITH
   2.0.2
